GIT
  remote: https://github.com/wycats/rake-pipeline-web-filters
  revision: fd8d838491bd6b8de0bab72d90115b9a4f2da8a1
  specs:
    rake-pipeline-web-filters (0.6.0)
      rack
      rake-pipeline (~> 0.6)

GEM
  remote: http://rubygems.org/
  specs:
    coffee-script (2.2.0)
      coffee-script-source
      execjs
    coffee-script-source (1.6.2)
    execjs (1.4.0)
      multi_json (~> 1.0)
    json (1.7.7)
    multi_json (1.7.1)
    rack (1.5.2)
    rake (0.9.5)
    rake-pipeline (0.7.0)
      json
      rake (~> 0.9.0)
      thor
    thor (0.18.0)

PLATFORMS
  ruby

DEPENDENCIES
  coffee-script
  rake-pipeline
  rake-pipeline-web-filters!
